PATH
  remote: .
  specs:
    dependency_boundary (0.1.1)
      rubrowser (~> 2.7.1)
      thor (= 0.19.4)

GEM
  remote: https://rubygems.org/
  specs:
    anyway_config (1.4.2)
    ast (2.4.0)
    coderay (1.1.2)
    diff-lcs (1.3)
    litecable (0.5.0)
      anyway_config (~> 1.0)
    method_source (0.9.2)
    parser (2.6.0.0)
      ast (~> 2.4.0)
    pry (0.12.2)
      coderay (~> 1.1.0)
      method_source (~> 0.9.0)
    puma (3.12.0)
    rake (10.5.0)
    rspec (3.8.0)
      rspec-core (~> 3.8.0)
      rspec-expectations (~> 3.8.0)
      rspec-mocks (~> 3.8.0)
    rspec-core (3.8.0)
      rspec-support (~> 3.8.0)
    rspec-expectations (3.8.2)
      diff-lcs (>= 1.2.0, < 2.0)
      rspec-support (~> 3.8.0)
    rspec-mocks (3.8.0)
      diff-lcs (>= 1.2.0, < 2.0)
      rspec-support (~> 3.8.0)
    rspec-support (3.8.0)
    rubrowser (2.7.1)
      litecable
      parser (~> 2.3, >= 2.3.0)
      puma
      websocket
    thor (0.19.4)
    websocket (1.2.8)

PLATFORMS
  ruby

DEPENDENCIES
  bundler (~> 1.17)
  dependency_boundary!
  pry
  rake (~> 10.0)
  rspec (~> 3.0)

BUNDLED WITH
   1.17.3
